PATH
  remote: .
  specs:
    runit-man (2.3.9)
      file-tail (>= 1.0.5)
      haml (>= 3.0)
      i18n (>= 0.5.0)
      sinatra (>= 1.1)
      sinatra-content-for2 (>= 0.2.4)
      yajl-ruby (>= 0.7.8)

GEM
  remote: http://rubygems.org/
  specs:
    diff-lcs (1.1.3)
    file-tail (1.0.6)
      spruz (~> 0.2)
    haml (3.1.2)
    i18n (0.6.0)
    kgio (2.6.0)
    rack (1.3.2)
    rack-test (0.6.1)
      rack (>= 1.0)
    rainbows (4.3.1)
      kgio (~> 2.5)
      rack (~> 1.1)
      unicorn (~> 4.1)
    raindrops (0.7.0)
    rake (0.9.2)
    rr (1.0.4)
    rspec-core (2.6.4)
    rspec-expectations (2.6.0)
      diff-lcs (~> 1.1.2)
    sendfile (1.1.0)
    sinatra (1.2.6)
      rack (~> 1.1)
      tilt (>= 1.2.2, < 2.0)
    sinatra-content-for2 (0.2.4)
      sinatra
    spruz (0.2.13)
    tilt (1.3.3)
    unicorn (4.1.1)
      kgio (~> 2.4)
      rack
      raindrops (~> 0.6)
    yajl-ruby (0.8.3)

PLATFORMS
  ruby

DEPENDENCIES
  bundler (>= 1.0.10)
  rack (>= 1.3.0)
  rack-test
  rainbows
  rake (!= 0.9.0)
  rr
  rspec-core
  rspec-expectations
  runit-man!
  sendfile
